PATH
  remote: .
  specs:
    omniauth-stockk (0.1.9.3)

GEM
  remote: https://rubygems.org/
  specs:
    rake (12.3.3)

PLATFORMS
  ruby

DEPENDENCIES
  omniauth-stockk!
  rake

BUNDLED WITH
   2.1.4
